GEM
  remote: http://rubygems.org/
  specs:
    chunky_png (1.2.6)
    compass (0.13.alpha.0)
      chunky_png (~> 1.2)
      fssm (>= 0.2.7)
      sass (~> 3.2.0.alpha.93)
    foreman (0.60.0)
      thor (>= 0.13.6)
    fssm (0.2.9)
    sass (3.2.1)
    thor (0.16.0)

PLATFORMS
  ruby

DEPENDENCIES
  compass (~> 0.13.alpha.0)
  foreman (~> 0.60.0)
