GEM
  remote: http://rubygems.org/
  specs:
    addressable (2.3.2)
    chunky_png (1.2.6)
    compass (0.13.alpha.0)
      chunky_png (~> 1.2)
      fssm (>= 0.2.7)
      sass (~> 3.2.0.alpha.93)
    em-websocket (0.3.8)
      addressable (>= 2.1.1)
      eventmachine (>= 0.12.9)
    eventmachine (1.0.0)
    foreman (0.60.0)
      thor (>= 0.13.6)
    fssm (0.2.9)
    guard (1.4.0)
      listen (>= 0.4.2)
      thor (>= 0.14.6)
    guard-livereload (1.0.1)
      em-websocket (>= 0.2.0)
      guard (>= 1.1.0)
      multi_json (~> 1.0)
    listen (0.5.3)
    multi_json (1.3.6)
    sass (3.2.1)
    susy (1.0.1)
      compass (>= 0.12.2)
      sass (>= 3.2.0)
    thor (0.16.0)

PLATFORMS
  ruby

DEPENDENCIES
  compass (~> 0.13.alpha.0)
  foreman (~> 0.60.0)
  guard-livereload (~> 1.0.1)
  susy (~> 1.0.1)
